GEM
  remote: https://rubygems.org/
  specs:
    date (3.3.4)
    dotenv (3.1.2)
    mail (2.8.1)
      mini_mime (>= 0.1.1)
      net-imap
      net-pop
      net-smtp
    mini_mime (1.1.5)
    net-imap (0.4.14)
      date
      net-protocol
    net-pop (0.1.2)
      net-protocol
    net-protocol (0.2.2)
      timeout
    net-smtp (0.5.0)
      net-protocol
    pg (1.5.7)
    pg (1.5.7-x64-mingw-ucrt)
    timeout (0.4.1)

PLATFORMS
  ruby
  x64-mingw-ucrt
  x86_64-linux

DEPENDENCIES
  dotenv
  mail (~> 2.8)
  pg (~> 1.5)

BUNDLED WITH
   2.5.11
