GEM
  remote: https://rubygems.org/
  specs:
    date (3.3.4)
    dotenv (3.1.2)
    net-imap (0.4.14)
      date
      net-protocol
    net-protocol (0.2.2)
      timeout
    timeout (0.4.1)

PLATFORMS
  ruby
  x86_64-linux

DEPENDENCIES
  dotenv
  net-imap

BUNDLED WITH
   2.5.11
